PATH
  remote: .
  specs:
    bitstamp (0.9.3)
      activemodel (~> 6.1)

GEM
  remote: https://rubygems.org/
  specs:
    activemodel (6.1.7.10)
      activesupport (= 6.1.7.10)
    activesupport (6.1.7.10)
      concurrent-ruby (~> 1.0, >= 1.0.2)
      i18n (>= 1.6, < 2)
      minitest (>= 5.1)
      tzinfo (~> 2.0)
      zeitwerk (~> 2.3)
    addressable (2.8.7)
      public_suffix (>= 2.0.2, < 7.0)
    base64 (0.2.0)
    bigdecimal (3.1.9)
    coderay (1.1.3)
    concurrent-ruby (1.3.5)
    crack (1.0.0)
      bigdecimal
      rexml
    hashdiff (1.2.0)
    i18n (1.14.7)
      concurrent-ruby (~> 1.0)
    method_source (1.1.0)
    minitest (5.25.1)
    pry (0.14.2)
      coderay (~> 1.1)
      method_source (~> 1.0)
    public_suffix (5.1.1)
    rake (13.2.1)
    rexml (3.4.2)
    tzinfo (2.0.6)
      concurrent-ruby (~> 1.0)
    vcr (6.3.1)
      base64
    webmock (3.25.1)
      addressable (>= 2.8.0)
      crack (>= 0.3.2)
      hashdiff (>= 0.4.0, < 2.0.0)
    zeitwerk (2.6.18)

PLATFORMS
  ruby

DEPENDENCIES
  activesupport (~> 6.1)
  bitstamp!
  bundler
  minitest
  pry
  rake
  vcr
  webmock

BUNDLED WITH
   2.1.4
