PATH
  remote: .
  specs:
    bitstamp (0.1.0)
      activemodel (~> 4.2)

GEM
  remote: https://rubygems.org/
  specs:
    activemodel (4.2.8)
      activesupport (= 4.2.8)
      builder (~> 3.1)
    activesupport (4.2.8)
      i18n (~> 0.7)
      json (~> 1.7, >= 1.7.7)
      minitest (~> 5.1)
      thread_safe (~> 0.3, >= 0.3.4)
      tzinfo (~> 1.1)
    addressable (2.5.1)
      public_suffix (~> 2.0, >= 2.0.2)
    builder (3.2.3)
    coderay (1.1.1)
    crack (0.4.3)
      safe_yaml (~> 1.0.0)
    hashdiff (0.3.4)
    i18n (0.8.4)
    json (1.8.6)
    method_source (0.8.2)
    minitest (5.10.2)
    pry (0.10.4)
      coderay (~> 1.1.0)
      method_source (~> 0.8.1)
      slop (~> 3.4)
    public_suffix (2.0.5)
    rake (12.0.0)
    safe_yaml (1.0.4)
    slop (3.6.0)
    thread_safe (0.3.6)
    tzinfo (1.2.3)
      thread_safe (~> 0.1)
    vcr (3.0.3)
    webmock (2.3.2)
      addressable (>= 2.3.6)
      crack (>= 0.3.2)
      hashdiff

PLATFORMS
  ruby

DEPENDENCIES
  bitstamp!
  bundler (~> 1.14)
  minitest (~> 5.10)
  pry
  rake (~> 12.0)
  vcr
  webmock

BUNDLED WITH
   1.15.1
